GEM
  remote: https://rubygems.org/
  specs:
    execjs (2.6.0)
    jasmine (2.3.1)
      jasmine-core (~> 2.3)
      phantomjs
      rack (>= 1.2.1)
      rake
    jasmine-core (2.3.4)
    jshintrb (0.3.0)
      execjs
      multi_json (>= 1.3)
      rake
    json (1.8.3)
    multi_json (1.11.2)
    phantomjs (1.9.8.0)
    rack (1.6.4)
    rake (10.4.2)
    uglifier (2.7.2)
      execjs (>= 0.3.0)
      json (>= 1.8.0)

PLATFORMS
  ruby

DEPENDENCIES
  jasmine
  jshintrb
  rake
  uglifier

BUNDLED WITH
   1.10.5
